GIT
  remote: https://github.com/qaprosoft/zafira-ruby.git
  revision: 3ed9946943de3ff9fc97f64e08b667bde9653a20
  specs:
    zafira-ruby (1.0.0)
      builder (~> 3.2)
      httparty (~> 0.16)
      waterfall (~> 1.2)
      webmock (~> 3.3)

GEM
  remote: https://rubygems.org/
  specs:
    addressable (2.5.2)
      public_suffix (>= 2.0.2, < 4.0)
    builder (3.2.3)
    crack (0.4.3)
      safe_yaml (~> 1.0.0)
    diff-lcs (1.3)
    hashdiff (0.3.7)
    httparty (0.16.2)
      multi_xml (>= 0.5.2)
    multi_xml (0.6.0)
    public_suffix (3.0.2)
    rspec (3.7.0)
      rspec-core (~> 3.7.0)
      rspec-expectations (~> 3.7.0)
      rspec-mocks (~> 3.7.0)
    rspec-core (3.7.1)
      rspec-support (~> 3.7.0)
    rspec-expectations (3.7.0)
      diff-lcs (>= 1.2.0, < 2.0)
      rspec-support (~> 3.7.0)
    rspec-mocks (3.7.0)
      diff-lcs (>= 1.2.0, < 2.0)
      rspec-support (~> 3.7.0)
    rspec-support (3.7.1)
    safe_yaml (1.0.4)
    waterfall (1.2.0)
    webmock (3.3.0)
      addressable (>= 2.3.6)
      crack (>= 0.3.2)
      hashdiff

PLATFORMS
  ruby

DEPENDENCIES
  rspec
  zafira-ruby!

BUNDLED WITH
   1.16.1
